GEM
  remote: https://rubygems.org/
  specs:
    puppet-lint (1.1.0)
    rake (10.4.2)

PLATFORMS
  ruby

DEPENDENCIES
  puppet-lint
  rake
